GEM
  remote: https://rubygems.org/
  specs:

PLATFORMS
  universal-darwin-20

DEPENDENCIES

BUNDLED WITH
   2.2.2
